GEM
  remote: https://rubygems.org/
  specs:
    json (1.8.6)
    open-weather (0.12.0)
      json (~> 1)

PLATFORMS
  ruby

DEPENDENCIES
  open-weather

BUNDLED WITH
   2.1.4
